GEM
  remote: https://rubygems.org/
  specs:
    backports (3.11.3)
    byebug (10.0.2)
    coderay (1.1.2)
    dalli (2.7.8)
    diff-lcs (1.3)
    dotenv (2.4.0)
    haml (5.0.4)
      temple (>= 0.8.0)
      tilt
    kittenizer (0.1.0)
    method_source (0.9.0)
    mini_magick (4.8.0)
    multi_json (1.13.1)
    mustermann (1.0.2)
    pry (0.11.3)
      coderay (~> 1.1.0)
      method_source (~> 0.9.0)
    pry-byebug (3.6.0)
      byebug (~> 10.0)
      pry (~> 0.10)
    rack (2.0.5)
    rack-protection (2.0.1)
      rack
    rack-test (1.0.0)
      rack (>= 1.0, < 3)
    racksh (1.0.0)
      rack (>= 1.0)
      rack-test (>= 0.5)
    rake (12.3.1)
    rspec (3.7.0)
      rspec-core (~> 3.7.0)
      rspec-expectations (~> 3.7.0)
      rspec-mocks (~> 3.7.0)
    rspec-core (3.7.1)
      rspec-support (~> 3.7.0)
    rspec-expectations (3.7.0)
      diff-lcs (>= 1.2.0, < 2.0)
      rspec-support (~> 3.7.0)
    rspec-mocks (3.7.0)
      diff-lcs (>= 1.2.0, < 2.0)
      rspec-support (~> 3.7.0)
    rspec-support (3.7.1)
    sinatra (2.0.1)
      mustermann (~> 1.0)
      rack (~> 2.0)
      rack-protection (= 2.0.1)
      tilt (~> 2.0)
    sinatra-contrib (2.0.1)
      backports (>= 2.0)
      multi_json
      mustermann (~> 1.0)
      rack-protection (= 2.0.1)
      sinatra (= 2.0.1)
      tilt (>= 1.3, < 3)
    temple (0.8.0)
    tilt (2.0.8)

PLATFORMS
  ruby

DEPENDENCIES
  dalli
  dotenv
  haml
  kittenizer
  mini_magick
  pry-byebug
  racksh
  rake
  rspec
  sinatra
  sinatra-contrib

RUBY VERSION
   ruby 2.5.1p57

BUNDLED WITH
   1.16.1
