GEM
  remote: https://rubygems.org/
  specs:
    backports (3.6.7)
    byebug (9.0.5)
    coderay (1.1.1)
    haml (4.0.7)
      tilt
    kittenizer (0.1.0)
    method_source (0.8.2)
    mini_magick (4.5.1)
    multi_json (1.12.1)
    pry (0.10.4)
      coderay (~> 1.1.0)
      method_source (~> 0.8.1)
      slop (~> 3.4)
    pry-byebug (3.4.0)
      byebug (~> 9.0)
      pry (~> 0.10)
    rack (1.6.4)
    rack-protection (1.5.3)
      rack
    rack-test (0.6.3)
      rack (>= 1.0)
    racksh (1.0.0)
      rack (>= 1.0)
      rack-test (>= 0.5)
    sinatra (1.4.7)
      rack (~> 1.5)
      rack-protection (~> 1.4)
      tilt (>= 1.3, < 3)
    sinatra-contrib (1.4.6)
      backports (>= 2.0)
      multi_json
      rack-protection
      rack-test
      sinatra (~> 1.4.0)
      tilt (>= 1.3, < 3)
    slop (3.6.0)
    tilt (2.0.5)

PLATFORMS
  ruby

DEPENDENCIES
  haml
  kittenizer
  mini_magick
  pry-byebug
  racksh
  sinatra
  sinatra-contrib

BUNDLED WITH
   1.11.2
