GEM
  remote: https://rubygems.org/
  specs:
    haml (4.0.7)
      tilt
    kittenizer (0.1.0)
    mini_magick (4.5.1)
    rack (1.6.4)
    rack-protection (1.5.3)
      rack
    sinatra (1.4.7)
      rack (~> 1.5)
      rack-protection (~> 1.4)
      tilt (>= 1.3, < 3)
    tilt (2.0.5)

PLATFORMS
  ruby

DEPENDENCIES
  haml
  kittenizer
  mini_magick
  sinatra

BUNDLED WITH
   1.11.2
